PATH
  remote: .
  specs:
    puppet (3.0.0)
      facter (~> 1.6)

GEM
  remote: https://rubygems.org/
  specs:
    coderay (1.0.7)
    diff-lcs (1.1.3)
    facter (1.6.11)
    growl (1.0.3)
    guard (1.3.2)
      listen (>= 0.4.2)
      thor (>= 0.14.6)
    guard-rspec (1.2.1)
      guard (>= 1.1)
    hiera (1.0.0)
    listen (0.5.0)
    metaclass (0.0.1)
    method_source (0.8)
    mocha (0.10.5)
      metaclass (~> 0.0.1)
    multi_json (1.3.6)
    pry (0.9.10)
      coderay (~> 1.0.5)
      method_source (~> 0.8)
      slop (~> 3.3.1)
    pry-doc (0.4.4)
      pry (>= 0.9.9.6)
      yard (~> 0.8.1)
    rack (1.4.1)
    rspec (2.10.0)
      rspec-core (~> 2.10.0)
      rspec-expectations (~> 2.10.0)
      rspec-mocks (~> 2.10.0)
    rspec-core (2.10.1)
    rspec-expectations (2.10.0)
      diff-lcs (~> 1.1.3)
    rspec-mocks (2.10.1)
    simplecov (0.6.4)
      multi_json (~> 1.0)
      simplecov-html (~> 0.5.3)
    simplecov-html (0.5.3)
    slop (3.3.3)
    thor (0.16.0)
    yard (0.8.2.1)

PLATFORMS
  ruby

DEPENDENCIES
  facter (~> 1.6.4)
  growl
  guard-rspec
  hiera (~> 1.0.0rc4)
  mocha (~> 0.10.5)
  pry
  pry-doc
  puppet!
  rack (~> 1.4.1)
  rspec (~> 2.10.0)
  simplecov
  sys-admin (~> 1.5.6)
  win32-api (~> 1.4.8)
  win32-dir (~> 0.3.7)
  win32-eventlog (~> 0.5.3)
  win32-process (~> 0.6.5)
  win32-security (~> 0.1.2)
  win32-service (~> 0.7.2)
  win32-taskscheduler (~> 0.2.2)
  win32console (~> 1.3.2)
  windows-api (~> 0.4.1)
  windows-pr (~> 1.2.1)
