GEM
  remote: https://rubygems.org/
  specs:
    coderay (1.0.7)
    diff-lcs (1.1.3)
    facter (1.6.10)
    ffi (1.1.5)
    growl (1.0.3)
    guard (1.3.0)
      listen (>= 0.4.2)
      thor (>= 0.14.6)
    guard-rspec (1.2.1)
      guard (>= 1.1)
    hiera (1.0.0rc4)
    listen (0.4.7)
      rb-fchange (~> 0.0.5)
      rb-fsevent (~> 0.9.1)
      rb-inotify (~> 0.8.8)
    metaclass (0.0.1)
    method_source (0.8)
    mocha (0.10.5)
      metaclass (~> 0.0.1)
    multi_json (1.3.6)
    pry (0.9.10)
      coderay (~> 1.0.5)
      method_source (~> 0.8)
      slop (~> 3.3.1)
    pry-doc (0.4.4)
      pry (>= 0.9.9.6)
      yard (~> 0.8.1)
    rack (1.2.5)
    rb-fchange (0.0.5)
      ffi
    rb-fsevent (0.9.1)
    rb-inotify (0.8.8)
      ffi (>= 0.5.0)
    rspec (2.10.0)
      rspec-core (~> 2.10.0)
      rspec-expectations (~> 2.10.0)
      rspec-mocks (~> 2.10.0)
    rspec-core (2.10.1)
    rspec-expectations (2.10.0)
      diff-lcs (~> 1.1.3)
    rspec-mocks (2.10.1)
    simplecov (0.6.4)
      multi_json (~> 1.0)
      simplecov-html (~> 0.5.3)
    simplecov-html (0.5.3)
    slop (3.3.2)
    thor (0.15.4)
    yard (0.8.2.1)

PLATFORMS
  ruby

DEPENDENCIES
  facter (>= 1.6.10)
  growl
  guard-rspec
  hiera (~> 1.0.0rc4)
  mocha (~> 0.10.0)
  pry
  pry-doc
  rack (~> 1.2.0)
  rspec (~> 2.10.0)
  simplecov
